GEM
  remote: http://rubygems.org/
  specs:
    coffee-script (2.2.0)
      coffee-script-source
      execjs
    coffee-script-source (1.3.3)
    execjs (1.4.0)
      multi_json (~> 1.0)
    haml (3.1.6)
    multi_json (1.3.6)

PLATFORMS
  ruby

DEPENDENCIES
  bundler (= 1.1.4)
  coffee-script (= 2.2.0)
  haml (= 3.1.6)
